PATH
  remote: .
  specs:
    redispeek (0.0.1)
      json
      redis (~> 3.0.1)
      sinatra (>= 0.9.2)
      vegas (~> 0.1.11)

GEM
  remote: http://rubygems.org/
  specs:
    json (1.8.0)
    rack (1.5.2)
    rack-protection (1.5.0)
      rack
    redis (3.0.4)
    sinatra (1.4.2)
      rack (~> 1.5, >= 1.5.2)
      rack-protection (~> 1.4)
      tilt (~> 1.3, >= 1.3.4)
    tilt (1.4.1)
    vegas (0.1.11)
      rack (>= 1.0.0)

PLATFORMS
  ruby

DEPENDENCIES
  redispeek!
